GEM
  remote: http://rubygems.org/
  specs:
    brb (0.3.0)
      eventmachine (> 0.12)
    eventmachine (0.12.10)
    haml (3.0.24)
    rack (1.2.1)
    sinatra (1.1.0)
      rack (~> 1.1)
      tilt (~> 1.1)
    tilt (1.1)
    trollop (1.16.2)
    workflow (0.7.0)

PLATFORMS
  ruby

DEPENDENCIES
  brb (~> 0.3.0)
  eventmachine (~> 0.12.10)
  haml
  sinatra (~> 1.1.0)
  trollop (~> 1.16.2)
  workflow (~> 0.7.0)
