GEM
  remote: http://rubygems.org/
  specs:
    eventmachine (0.12.10)
    trollop (1.16.2)
    workflow (0.7.0)

PLATFORMS
  ruby

DEPENDENCIES
  eventmachine (~> 0.12.10)
  trollop (~> 1.16.2)
  workflow (~> 0.7.0)
