GEM
  remote: http://rubygems.org/
  specs:
    activemodel (3.0.3)
      activesupport (= 3.0.3)
      builder (~> 2.1.2)
      i18n (~> 0.4)
    activerecord (3.0.3)
      activemodel (= 3.0.3)
      activesupport (= 3.0.3)
      arel (~> 2.0.2)
      tzinfo (~> 0.3.23)
    activesupport (3.0.3)
    arel (2.0.6)
    brb (0.3.0)
      eventmachine (> 0.12)
    bson (1.1.5)
    builder (2.1.2)
    emk-sinatra-url-for (0.2.1)
      sinatra (>= 0.9.1.1)
    eventmachine (0.12.10)
    haml (3.0.24)
    i18n (0.5.0)
    jnunemaker-validatable (1.8.4)
      activesupport (>= 2.3.4)
    json (1.4.6)
    mongo (1.1.5)
      bson (>= 1.1.5)
    mongo_mapper (0.8.6)
      activesupport (>= 2.3.4)
      jnunemaker-validatable (~> 1.8.4)
      plucky (~> 0.3.6)
    mysql2 (0.2.6)
    plucky (0.3.6)
      mongo (~> 1.1)
    rack (1.2.1)
    sinatra (1.1.0)
      rack (~> 1.1)
      tilt (~> 1.1)
    sinatra-static-assets (0.5.0)
      emk-sinatra-url-for (>= 0.2.1)
      rack (>= 1.0.0)
      sinatra (>= 0.9.1)
    tilt (1.1)
    trollop (1.16.2)
    tzinfo (0.3.23)
    workflow (0.7.0)

PLATFORMS
  ruby

DEPENDENCIES
  activerecord (~> 3.0.3)
  brb (~> 0.3.0)
  eventmachine (~> 0.12.10)
  haml
  json
  mongo
  mongo_mapper
  mysql2
  sinatra (~> 1.1.0)
  sinatra-static-assets
  trollop (~> 1.16.2)
  workflow (~> 0.7.0)
