GEM
  remote: http://rubygems.org/
  specs:
    eventmachine (0.12.10)
    workflow (0.7.0)

PLATFORMS
  ruby

DEPENDENCIES
  eventmachine (~> 0.12.10)
  workflow (~> 0.7.0)
